PATH
  remote: .
  specs:
    rulers (0.0.4)
      erubis (~> 2.7)
      multi_json (~> 1.15)
      rack (~> 2.2)

GEM
  remote: https://rubygems.org/
  specs:
    coderay (1.1.3)
    erubis (2.7.0)
    method_source (1.0.0)
    minitest (5.14.1)
    multi_json (1.15.0)
    pry (0.13.1)
      coderay (~> 1.1)
      method_source (~> 1.0)
    rack (2.2.3)
    rack-test (1.1.0)
      rack (>= 1.0, < 3)
    rake (13.0.1)

PLATFORMS
  ruby

DEPENDENCIES
  minitest (~> 5.14)
  pry (~> 0.13)
  rack-test (~> 1.1)
  rake (~> 13.0)
  rulers!

BUNDLED WITH
   2.1.4
