PATH
  remote: .
  specs:
    rulers (0.0.1)
      rack (~> 2.2)

GEM
  remote: https://rubygems.org/
  specs:
    minitest (5.14.1)
    rack (2.2.3)
    rack-test (1.1.0)
      rack (>= 1.0, < 3)

PLATFORMS
  ruby

DEPENDENCIES
  minitest
  rack-test
  rulers!

BUNDLED WITH
   2.1.4
