PATH
  remote: .
  specs:
    rulers (0.0.4)
      erubis
      rack (>= 2.2, < 4.0)

GEM
  remote: https://rubygems.org/
  specs:
    erubis (2.7.0)
    minitest (5.14.1)
    rack (2.2.6.4)
    rack-test (1.1.0)
      rack (>= 1.0, < 3)
    rake (13.0.1)

PLATFORMS
  ruby

DEPENDENCIES
  minitest (~> 5.14)
  rack-test (~> 1.1)
  rake (~> 13.0)
  rulers!

BUNDLED WITH
   2.1.4
